GEM
  remote: http://rubygems.org/
  specs:
    archive-tar-minitar (0.5.2)
    aws-sdk (2.2.14)
      aws-sdk-resources (= 2.2.14)
    aws-sdk-core (2.2.14)
      jmespath (~> 1.0)
    aws-sdk-resources (2.2.14)
      aws-sdk-core (= 2.2.14)
    coderay (1.1.0)
    diff-lcs (1.2.5)
    fakefs (0.6.7)
    jmespath (1.1.3)
    method_source (0.8.2)
    net-ssh (3.0.2)
    pry (0.10.3)
      coderay (~> 1.1.0)
      method_source (~> 0.8.1)
      slop (~> 3.4)
    rspec (3.4.0)
      rspec-core (~> 3.4.0)
      rspec-expectations (~> 3.4.0)
      rspec-mocks (~> 3.4.0)
    rspec-core (3.4.1)
      rspec-support (~> 3.4.0)
    rspec-expectations (3.4.0)
      diff-lcs (>= 1.2.0, < 2.0)
      rspec-support (~> 3.4.0)
    rspec-mocks (3.4.1)
      diff-lcs (>= 1.2.0, < 2.0)
      rspec-support (~> 3.4.0)
    rspec-support (3.4.1)
    slop (3.6.0)
    sshkey (1.8.0)
    thor (0.19.1)

PLATFORMS
  ruby

DEPENDENCIES
  archive-tar-minitar
  aws-sdk
  fakefs
  net-ssh
  pry
  rspec
  sshkey
  thor

BUNDLED WITH
   1.11.2
