GEM
  remote: http://rubygems.org/
  specs:
    coderay (1.1.0)
    diff-lcs (1.2.5)
    fakefs (0.6.7)
    method_source (0.8.2)
    net-ssh (3.0.2)
    pry (0.10.3)
      coderay (~> 1.1.0)
      method_source (~> 0.8.1)
      slop (~> 3.4)
    rspec (3.4.0)
      rspec-core (~> 3.4.0)
      rspec-expectations (~> 3.4.0)
      rspec-mocks (~> 3.4.0)
    rspec-core (3.4.1)
      rspec-support (~> 3.4.0)
    rspec-expectations (3.4.0)
      diff-lcs (>= 1.2.0, < 2.0)
      rspec-support (~> 3.4.0)
    rspec-mocks (3.4.1)
      diff-lcs (>= 1.2.0, < 2.0)
      rspec-support (~> 3.4.0)
    rspec-support (3.4.1)
    slop (3.6.0)
    thor (0.19.1)

PLATFORMS
  ruby

DEPENDENCIES
  fakefs
  net-ssh
  pry
  rspec
  thor

BUNDLED WITH
   1.10.6
